GIT
  remote: https://github.com/openSUSE/simple_review_app
  revision: c045e3b0c5796d41a0e7790f4bacfe9b76924fce
  specs:
    simple_review_app (0.0.0)
      activemodel (>= 5.1, < 8.0)
      liquid (>= 4, < 6)
      octokit (>= 4, < 6)
      rake (>= 12.3, < 14.0)
      zaru (~> 0.2)

GEM
  remote: https://rubygems.org/
  specs:
    activemodel (7.0.4.3)
      activesupport (= 7.0.4.3)
    activesupport (7.0.4.3)
      concurrent-ruby (~> 1.0, >= 1.0.2)
      i18n (>= 1.6, < 2)
      minitest (>= 5.1)
      tzinfo (~> 2.0)
    addressable (2.8.1)
      public_suffix (>= 2.0.2, < 6.0)
    concurrent-ruby (1.2.2)
    faraday (2.6.0)
      faraday-net_http (>= 2.0, < 3.1)
      ruby2_keywords (>= 0.0.4)
    faraday-net_http (3.0.1)
    i18n (1.12.0)
      concurrent-ruby (~> 1.0)
    liquid (5.4.0)
    minitest (5.18.0)
    octokit (5.6.1)
      faraday (>= 1, < 3)
      sawyer (~> 0.9)
    public_suffix (5.0.0)
    rake (13.0.6)
    ruby2_keywords (0.0.5)
    sawyer (0.9.2)
      addressable (>= 2.3.5)
      faraday (>= 0.17.3, < 3)
    tzinfo (2.0.6)
      concurrent-ruby (~> 1.0)
    zaru (0.3.0)

PLATFORMS
  ruby

DEPENDENCIES
  simple_review_app!

BUNDLED WITH
   2.3.7
